GEM
  remote: https://rubygems.org/
  specs:
    metaclass (0.0.4)
    mocha (1.0.0)
      metaclass (~> 0.0.1)

PLATFORMS
  ruby

DEPENDENCIES
  mocha
